GEM
  remote: http://rubygems.org/
  specs:
    addressable (2.2.6)
    ansi (1.4.1)
    capybara (1.1.2)
      mime-types (>= 1.16)
      nokogiri (>= 1.3.3)
      rack (>= 1.0.0)
      rack-test (>= 0.5.4)
      selenium-webdriver (~> 2.0)
      xpath (~> 0.1.4)
    childprocess (0.2.8)
      ffi (~> 1.0.6)
    curb (0.7.16)
    daemons (1.1.5)
    data_objects (0.10.7)
      addressable (~> 2.1)
    dm-core (1.2.0)
      addressable (~> 2.2.6)
    dm-do-adapter (1.2.0)
      data_objects (~> 0.10.6)
      dm-core (~> 1.2.0)
    dm-migrations (1.2.0)
      dm-core (~> 1.2.0)
    dm-sqlite-adapter (1.2.0)
      dm-do-adapter (~> 1.2.0)
      do_sqlite3 (~> 0.10.6)
    do_sqlite3 (0.10.7)
      data_objects (= 0.10.7)
    erubis (2.7.0)
    eventmachine (0.12.10)
    ffi (1.0.11)
    git (1.2.5)
    jar_wrapper (0.1.2)
      jeweler
      jeweler
      zip
      zip
    jeweler (1.6.4)
      bundler (~> 1.0)
      git (>= 1.2.5)
      rake
    json (1.6.4)
    librex (0.0.52)
    mime-types (1.17.2)
    msfrpc-client (1.0.1)
      librex (>= 0.0.32)
      msgpack (>= 0.4.5)
    msgpack (0.4.6)
    multi_json (1.0.4)
    nokogiri (1.5.0)
    parseconfig (0.5.2)
    rack (1.4.0)
    rack-test (0.6.1)
      rack (>= 1.0)
    rake (0.9.2.2)
    rubyzip (0.9.5)
    selenium (0.2.2)
      jar_wrapper
      jar_wrapper
      jeweler
      jeweler
    selenium-webdriver (2.16.0)
      childprocess (>= 0.2.5)
      ffi (~> 1.0.9)
      multi_json (~> 1.0.4)
      rubyzip
    term-ansicolor (1.0.7)
    test-unit (2.4.3)
    thin (1.3.1)
      daemons (>= 1.0.9)
      eventmachine (>= 0.12.6)
      rack (>= 1.0.0)
    xpath (0.1.4)
      nokogiri (~> 1.3)
    zip (2.0.2)

PLATFORMS
  ruby

DEPENDENCIES
  ansi
  capybara
  curb
  data_objects
  dm-core
  dm-migrations
  dm-sqlite-adapter
  erubis
  json
  librex (= 0.0.52)
  msfrpc-client
  parseconfig
  selenium
  selenium-webdriver
  term-ansicolor
  test-unit
  thin
