GEM
  remote: https://rubygems.org/
  specs:
    addressable (2.3.6)
    ansi (1.4.3)
    chunky_png (1.3.5)
    daemons (1.1.9)
    data_objects (0.10.14)
      addressable (~> 2.1)
    dm-core (1.2.1)
      addressable (~> 2.3)
    dm-do-adapter (1.2.0)
      data_objects (~> 0.10.6)
      dm-core (~> 1.2.0)
    dm-migrations (1.2.0)
      dm-core (~> 1.2.0)
    dm-serializer (1.2.2)
      dm-core (~> 1.2.0)
      fastercsv (~> 1.5)
      json (~> 1.6)
      json_pure (~> 1.6)
      multi_json (~> 1.0)
    dm-sqlite-adapter (1.2.0)
      dm-do-adapter (~> 1.2.0)
      do_sqlite3 (~> 0.10.6)
    do_sqlite3 (0.10.14)
      data_objects (= 0.10.14)
    em-websocket (0.3.8)
      addressable (>= 2.1.1)
      eventmachine (>= 0.12.9)
    erubis (2.7.0)
    eventmachine (1.0.7)
    execjs (2.0.2)
    fastercsv (1.5.5)
    geoip (1.4.0)
    json (1.8.1)
    json_pure (1.8.3)
    librex (0.0.68)
    mime-types (2.99)
    mojo_magick (0.5.6)
    msfrpc-client (1.0.1)
      librex (>= 0.0.32)
      msgpack (>= 0.4.5)
    msgpack (0.5.8)
    multi_json (1.9.3)
    parseconfig (1.0.4)
    qr4r (0.4.0)
      mojo_magick
      rqrcode
    rack (1.5.2)
    rack-protection (1.5.3)
      rack
    rainbow (2.0.0)
    rexec (1.6.3)
      rainbow
    rqrcode (0.7.0)
      chunky_png
    rubydns (0.7.0)
      eventmachine (~> 1.0.0)
      rexec (~> 1.6.2)
    rubyzip (1.1.3)
    sinatra (1.4.2)
      rack (~> 1.5, >= 1.5.2)
      rack-protection (~> 1.4)
      tilt (~> 1.3, >= 1.3.4)
    term-ansicolor (1.1.5)
    thin (1.6.2)
      daemons (>= 1.0.9)
      eventmachine (>= 1.0.0)
      rack (>= 1.0.0)
    tilt (1.4.1)
    uglifier (2.2.1)
      execjs (>= 0.3.0)
      multi_json (~> 1.0, >= 1.0.2)

PLATFORMS
  ruby

DEPENDENCIES
  ansi
  data_objects
  dm-core
  dm-migrations
  dm-serializer
  dm-sqlite-adapter
  em-websocket (~> 0.3.6)
  erubis
  eventmachine
  geoip
  json
  mime-types
  msfrpc-client
  parseconfig
  qr4r
  rack
  rubydns (= 0.7.0)
  rubyzip (>= 1.0.0)
  sinatra
  term-ansicolor
  thin
  uglifier (~> 2.2.1)
