GEM
  remote: http://rubygems.org/
  specs:
    addressable (2.2.7)
    ansi (1.4.2)
    daemons (1.1.8)
    data_objects (0.10.8)
      addressable (~> 2.1)
    dm-core (1.2.0)
      addressable (~> 2.2.6)
    dm-do-adapter (1.2.0)
      data_objects (~> 0.10.6)
      dm-core (~> 1.2.0)
    dm-migrations (1.2.0)
      dm-core (~> 1.2.0)
    dm-sqlite-adapter (1.2.0)
      dm-do-adapter (~> 1.2.0)
      do_sqlite3 (~> 0.10.6)
    do_sqlite3 (0.10.8)
      data_objects (= 0.10.8)
    erubis (2.7.0)
    eventmachine (0.12.10)
    json (1.6.6)
    librex (0.0.65)
    msfrpc-client (1.0.1)
      librex (>= 0.0.32)
      msgpack (>= 0.4.5)
    msgpack (0.4.6)
    parseconfig (0.5.2)
    rack (1.4.1)
    rack-protection (1.2.0)
      rack
    sinatra (1.3.2)
      rack (~> 1.3, >= 1.3.6)
      rack-protection (~> 1.2)
      tilt (~> 1.3, >= 1.3.3)
    term-ansicolor (1.0.7)
    thin (1.3.1)
      daemons (>= 1.0.9)
      eventmachine (>= 0.12.6)
      rack (>= 1.0.0)
    tilt (1.3.3)

PLATFORMS
  ruby

DEPENDENCIES
  ansi
  data_objects
  dm-core
  dm-migrations
  dm-sqlite-adapter
  erubis
  eventmachine (= 0.12.10)
  json
  msfrpc-client
  parseconfig
  sinatra (= 1.3.2)
  term-ansicolor
  thin
