GEM
  remote: http://rubygems.org/
  specs:
    addressable (2.2.6)
    ansi (1.4.1)
    atk (1.0.3)
      glib2 (>= 1.0.3)
    cairo (1.10.1)
    capybara (1.1.2)
      mime-types (>= 1.16)
      nokogiri (>= 1.3.3)
      rack (>= 1.0.0)
      rack-test (>= 0.5.4)
      selenium-webdriver (~> 2.0)
      xpath (~> 0.1.4)
    childprocess (0.2.8)
      ffi (~> 1.0.6)
    curb (0.7.16)
    daemons (1.1.5)
    data_objects (0.10.7)
      addressable (~> 2.1)
    dm-core (1.2.0)
      addressable (~> 2.2.6)
    dm-do-adapter (1.2.0)
      data_objects (~> 0.10.6)
      dm-core (~> 1.2.0)
    dm-migrations (1.2.0)
      dm-core (~> 1.2.0)
    dm-sqlite-adapter (1.2.0)
      dm-do-adapter (~> 1.2.0)
      do_sqlite3 (~> 0.10.6)
    do_sqlite3 (0.10.7)
      data_objects (= 0.10.7)
    erubis (2.7.0)
    eventmachine (0.12.10)
    ffi (1.0.11)
    gdk_pixbuf2 (1.0.3)
      glib2 (>= 1.0.3)
    git (1.2.5)
    glib2 (1.0.3)
      pkg-config
    gtk2 (1.0.3)
      atk (>= 1.0.3)
      gdk_pixbuf2 (>= 1.0.3)
      pango (>= 1.0.3)
    hoe (2.12.3)
      rake (~> 0.8)
    jar_wrapper (0.1.2)
      jeweler
      jeweler
      zip
      zip
    jeweler (1.6.4)
      bundler (~> 1.0)
      git (>= 1.2.5)
      rake
    json (1.6.4)
    librex (0.0.52)
    mime-types (1.17.2)
    msfrpc-client (1.0.1)
      librex (>= 0.0.32)
      msgpack (>= 0.4.5)
    msgpack (0.4.6)
    multi_json (1.0.4)
    nokogiri (1.5.0)
    pango (1.0.3)
      cairo (>= 1.10.0)
      glib2 (>= 1.0.3)
    parseconfig (0.5.2)
    pkg-config (1.1.2)
    rack (1.4.0)
    rack-test (0.6.1)
      rack (>= 1.0)
    rake (0.9.2.2)
    rr (1.0.4)
    rubyzip (0.9.5)
    selenium (0.2.2)
      jar_wrapper
      jar_wrapper
      jeweler
      jeweler
    selenium-webdriver (2.16.0)
      childprocess (>= 0.2.5)
      ffi (~> 1.0.9)
      multi_json (~> 1.0.4)
      rubyzip
    term-ansicolor (1.0.7)
    test-unit (2.4.3)
    test-unit-full (0.0.3)
      test-unit
      test-unit-notify
      test-unit-rr
      test-unit-runner-fox
      test-unit-runner-gtk2
      test-unit-runner-tk
    test-unit-notify (0.3.0)
      test-unit (>= 2.1.2)
    test-unit-rr (1.0.1)
      rr (>= 1.0.2)
      test-unit (>= 2.1.2)
    test-unit-runner-fox (0.0.1)
      hoe (>= 1.6.0)
    test-unit-runner-gtk2 (0.0.2)
      gtk2
      test-unit
    test-unit-runner-tk (0.0.1)
      hoe (>= 1.6.0)
    thin (1.3.1)
      daemons (>= 1.0.9)
      eventmachine (>= 0.12.6)
      rack (>= 1.0.0)
    xpath (0.1.4)
      nokogiri (~> 1.3)
    zip (2.0.2)

PLATFORMS
  ruby

DEPENDENCIES
  ansi
  capybara
  curb
  data_objects
  dm-core
  dm-migrations
  dm-sqlite-adapter
  erubis
  json
  librex (= 0.0.52)
  msfrpc-client
  parseconfig
  selenium
  selenium-webdriver
  term-ansicolor
  test-unit
  test-unit-full
  thin
