GEM
  remote: https://rubygems.org/
  specs:
    addressable (2.4.0)
    ansi (1.5.0)
    atk (3.0.7)
      glib2 (= 3.0.7)
    bundler-audit (0.4.0)
      bundler (~> 1.2)
      thor (~> 0.18)
    cairo (1.14.3)
      pkg-config (>= 1.1.5)
    capybara (2.6.2)
      addressable
      mime-types (>= 1.16)
      nokogiri (>= 1.3.3)
      rack (>= 1.0.0)
      rack-test (>= 0.5.4)
      xpath (~> 2.0)
    childprocess (0.5.9)
      ffi (~> 1.0, >= 1.0.11)
    chunky_png (1.3.5)
    curb (0.9.1)
    daemons (1.2.3)
    data_objects (0.10.17)
      addressable (~> 2.1)
    diff-lcs (1.2.5)
    dm-core (1.2.1)
      addressable (~> 2.3)
    dm-do-adapter (1.2.0)
      data_objects (~> 0.10.6)
      dm-core (~> 1.2.0)
    dm-migrations (1.2.0)
      dm-core (~> 1.2.0)
    dm-serializer (1.2.2)
      dm-core (~> 1.2.0)
      fastercsv (~> 1.5)
      json (~> 1.6)
      json_pure (~> 1.6)
      multi_json (~> 1.0)
    dm-sqlite-adapter (1.2.0)
      dm-do-adapter (~> 1.2.0)
      do_sqlite3 (~> 0.10.6)
    do_sqlite3 (0.10.17)
      data_objects (= 0.10.17)
    domain_name (0.5.20160128)
      unf (>= 0.0.5, < 1.0.0)
    em-websocket (0.3.8)
      addressable (>= 2.1.1)
      eventmachine (>= 0.12.9)
    erubis (2.7.0)
    eventmachine (1.0.9.1)
    execjs (2.6.0)
    fastercsv (1.5.5)
    ffi (1.9.10)
    gdk_pixbuf2 (3.0.7)
      glib2 (= 3.0.7)
    geoip (1.6.1)
    glib2 (3.0.7)
      pkg-config
    gtk2 (3.0.7)
      atk (= 3.0.7)
      gdk_pixbuf2 (= 3.0.7)
      pango (= 3.0.7)
    hoe (3.14.2)
      rake (>= 0.8, < 11.0)
    http-cookie (1.0.2)
      domain_name (~> 0.5)
    jar_wrapper (0.1.8)
      zip
    json (1.8.3)
    json_pure (1.8.3)
    librex (0.0.999)
    libv8 (3.11.8.17)
    mime-types (2.99)
    mini_portile2 (2.0.0)
    mojo_magick (0.5.6)
    msfrpc-client (1.0.3)
      librex (~> 0.0.70, >= 0.0.70)
      msgpack (~> 0.5.8, >= 0.5.8)
    msgpack (0.5.12)
    multi_json (1.11.2)
    netrc (0.11.0)
    nokogiri (1.6.7.2)
      mini_portile2 (~> 2.0.0.rc2)
    pango (3.0.7)
      cairo (>= 1.14.0)
      glib2 (= 3.0.7)
    parseconfig (1.0.8)
    pkg-config (1.1.7)
    power_assert (0.2.7)
    qr4r (0.4.0)
      mojo_magick
      rqrcode
    rack (1.6.4)
    rack-protection (1.5.3)
      rack
    rack-test (0.6.3)
      rack (>= 1.0)
    rainbow (2.1.0)
    rake (10.5.0)
    ref (2.0.0)
    rest-client (1.8.0)
      http-cookie (>= 1.0.2, < 2.0)
      mime-types (>= 1.16, < 3.0)
      netrc (~> 0.7)
    rexec (1.6.3)
      rainbow
    rqrcode (0.9.0)
      chunky_png (~> 1.0)
    rr (1.1.2)
    rspec (3.4.0)
      rspec-core (~> 3.4.0)
      rspec-expectations (~> 3.4.0)
      rspec-mocks (~> 3.4.0)
    rspec-core (3.4.2)
      rspec-support (~> 3.4.0)
    rspec-expectations (3.4.0)
      diff-lcs (>= 1.2.0, < 2.0)
      rspec-support (~> 3.4.0)
    rspec-mocks (3.4.1)
      diff-lcs (>= 1.2.0, < 2.0)
      rspec-support (~> 3.4.0)
    rspec-support (3.4.1)
    rubydns (0.7.0)
      eventmachine (~> 1.0.0)
      rexec (~> 1.6.2)
    rubyzip (1.1.7)
    selenium (0.2.11)
      jar_wrapper
    selenium-webdriver (2.50.0)
      childprocess (~> 0.5)
      multi_json (~> 1.0)
      rubyzip (~> 1.0)
      websocket (~> 1.0)
    sinatra (1.4.7)
      rack (~> 1.5)
      rack-protection (~> 1.4)
      tilt (>= 1.3, < 3)
    term-ansicolor (1.3.2)
      tins (~> 1.0)
    test-unit (3.1.7)
      power_assert
    test-unit-full (0.0.3)
      test-unit
      test-unit-notify
      test-unit-rr
      test-unit-runner-fox
      test-unit-runner-gtk2
      test-unit-runner-tk
    test-unit-notify (1.0.4)
      test-unit (>= 2.4.9)
    test-unit-rr (1.0.5)
      rr (>= 1.1.1)
      test-unit (>= 2.5.2)
    test-unit-runner-fox (0.0.1)
      hoe (>= 1.6.0)
    test-unit-runner-gtk2 (0.0.2)
      gtk2
      test-unit
    test-unit-runner-tk (0.0.1)
      hoe (>= 1.6.0)
    therubyracer (0.11.3)
      libv8 (~> 3.11.8.12)
      ref
    thin (1.6.4)
      daemons (~> 1.0, >= 1.0.9)
      eventmachine (~> 1.0, >= 1.0.4)
      rack (~> 1.0)
    thor (0.19.1)
    tilt (2.0.2)
    tins (1.8.2)
    uglifier (2.7.2)
      execjs (>= 0.3.0)
      json (>= 1.8.0)
    unf (0.1.4)
      unf_ext
    unf_ext (0.0.7.1)
    websocket (1.2.2)
    xpath (2.0.0)
      nokogiri (~> 1.3)
    zip (2.0.2)

PLATFORMS
  ruby

DEPENDENCIES
  ansi
  bundler-audit
  capybara
  curb
  data_objects
  dm-core
  dm-migrations
  dm-serializer
  dm-sqlite-adapter
  em-websocket (~> 0.3.6)
  erubis
  eventmachine
  execjs
  geoip
  json
  mime-types
  msfrpc-client
  parseconfig
  qr4r
  rack
  rest-client (~> 1.8.0)
  rspec
  rubydns (= 0.7.0)
  rubyzip (>= 1.0.0)
  selenium
  selenium-webdriver
  sinatra
  term-ansicolor
  test-unit
  test-unit-full
  therubyracer (= 0.11.3)
  thin
  uglifier

BUNDLED WITH
   1.11.2
